GEM
  remote: https://rubygems.org/
  specs:
    backports (3.6.6)
    coffee-script (2.4.1)
      coffee-script-source
      execjs
    coffee-script-source (1.9.1.1)
    execjs (2.6.0)
    jsmin (1.0.1)
    multi_json (1.11.2)
    rack (1.6.4)
    rack-protection (1.5.3)
      rack
    rack-test (0.6.3)
      rack (>= 1.0)
    sass (3.4.18)
    sinatra (1.4.6)
      rack (~> 1.4)
      rack-protection (~> 1.4)
      tilt (>= 1.3, < 3)
    sinatra-assetpack (0.3.3)
      jsmin
      rack-test
      sinatra
      tilt (>= 1.3.0, < 2.0)
    sinatra-contrib (1.4.6)
      backports (>= 2.0)
      multi_json
      rack-protection
      rack-test
      sinatra (~> 1.4.0)
      tilt (>= 1.3, < 3)
    slim (3.0.6)
      temple (~> 0.7.3)
      tilt (>= 1.3.3, < 2.1)
    temple (0.7.6)
    tilt (1.4.1)

PLATFORMS
  ruby

DEPENDENCIES
  coffee-script (~> 2.4.1)
  sass (~> 3.4.16)
  sinatra (~> 1.4.6)
  sinatra-assetpack (= 0.3.3)
  sinatra-contrib (~> 1.4.6)
  slim (~> 3.0.6)

BUNDLED WITH
   1.10.6
